GEM
  remote: https://rubygems.org/
  specs:
    activemodel (6.1.4)
      activesupport (= 6.1.4)
    activerecord (6.1.4)
      activemodel (= 6.1.4)
      activesupport (= 6.1.4)
    activesupport (6.1.4)
      concurrent-ruby (~> 1.0, >= 1.0.2)
      i18n (>= 1.6, < 2)
      minitest (>= 5.1)
      tzinfo (~> 2.0)
      zeitwerk (~> 2.3)
    addressable (2.8.0)
      public_suffix (>= 2.0.2, < 5.0)
    ansi (1.5.0)
    archive-zip (0.12.0)
      io-like (~> 0.3.0)
    ast (2.4.2)
    async (1.30.1)
      console (~> 1.10)
      nio4r (~> 2.3)
      timers (~> 4.1)
    async-dns (1.2.6)
      async-io (~> 1.15)
    async-io (1.32.2)
      async
    browserstack-local (1.3.0)
    buftok (0.2.0)
    byebug (11.1.3)
    capybara (3.35.3)
      addressable
      mini_mime (>= 0.1.3)
      nokogiri (~> 1.8)
      rack (>= 1.6.0)
      rack-test (>= 0.6.3)
      regexp_parser (>= 1.5, < 3.0)
      xpath (~> 3.2)
    childprocess (3.0.0)
    coderay (1.1.3)
    concurrent-ruby (1.1.9)
    console (1.13.1)
      fiber-local
    curb (0.9.11)
    daemons (1.4.0)
    diff-lcs (1.4.4)
    domain_name (0.5.20190701)
      unf (>= 0.0.5, < 1.0.0)
    em-websocket (0.5.2)
      eventmachine (>= 0.12.9)
      http_parser.rb (~> 0.6.0)
    equalizer (0.0.11)
    erubis (2.7.0)
    espeak-ruby (1.0.4)
    event_emitter (0.2.6)
    eventmachine (1.2.7)
    execjs (2.8.1)
    ffi (1.15.3)
    ffi-compiler (1.0.1)
      ffi (>= 1.0.0)
      rake
    fiber-local (1.0.0)
    geckodriver-helper (0.24.0)
      archive-zip (~> 0.7)
    hashie (4.1.0)
    hashie-forbidden_attributes (0.1.1)
      hashie (>= 3.0)
    http (4.4.1)
      addressable (~> 2.3)
      http-cookie (~> 1.0)
      http-form_data (~> 2.2)
      http-parser (~> 1.2.0)
    http-accept (1.7.0)
    http-cookie (1.0.4)
      domain_name (~> 0.5)
    http-form_data (2.3.0)
    http-parser (1.2.3)
      ffi-compiler (>= 1.0, < 2.0)
    http_parser.rb (0.6.0)
    i18n (1.8.10)
      concurrent-ruby (~> 1.0)
    io-console (0.5.9)
    io-like (0.3.1)
    irb (1.3.6)
      reline (>= 0.2.5)
    json (2.5.1)
    maxmind-db (1.1.1)
    memoizable (0.4.2)
      thread_safe (~> 0.3, >= 0.3.1)
    method_source (1.0.0)
    mime-types (3.3.1)
      mime-types-data (~> 3.2015)
    mime-types-data (3.2021.0704)
    mini_mime (1.1.0)
    mini_portile2 (2.6.1)
    minitest (5.14.4)
    mojo_magick (0.6.6)
    msfrpc-client (1.1.2)
      msgpack (~> 1)
    msgpack (1.4.2)
    multipart-post (2.1.1)
    mustermann (1.1.1)
      ruby2_keywords (~> 0.0.1)
    naught (1.1.0)
    netrc (0.11.0)
    nio4r (2.5.8)
    nokogiri (1.12.2)
      mini_portile2 (~> 2.6.1)
      racc (~> 1.4)
    otr-activerecord (2.0.1)
      activerecord (>= 4.0, < 6.3)
      hashie-forbidden_attributes (~> 0.1)
    parallel (1.20.1)
    parseconfig (1.1.0)
    parser (3.0.2.0)
      ast (~> 2.4.1)
    power_assert (2.0.0)
    pry (0.13.1)
      coderay (~> 1.1)
      method_source (~> 1.0)
    pry-byebug (3.9.0)
      byebug (~> 11.0)
      pry (~> 0.13.0)
    public_suffix (4.0.6)
    qr4r (0.6.1)
      mojo_magick (~> 0.6.5)
      rqrcode_core (~> 0.1)
    racc (1.5.2)
    rack (2.2.3)
    rack-protection (2.2.0)
      rack
    rack-test (1.1.0)
      rack (>= 1.0, < 3)
    rainbow (3.0.0)
    rake (13.0.6)
    rdoc (6.3.2)
    regexp_parser (2.1.1)
    reline (0.2.6)
      io-console (~> 0.5)
    rest-client (2.1.0)
      http-accept (>= 1.7.0, < 2.0)
      http-cookie (>= 1.0.2, < 2.0)
      mime-types (>= 1.16, < 4.0)
      netrc (~> 0.8)
    rexml (3.2.5)
    rqrcode_core (0.2.0)
    rr (3.0.5)
    rspec (3.10.0)
      rspec-core (~> 3.10.0)
      rspec-expectations (~> 3.10.0)
      rspec-mocks (~> 3.10.0)
    rspec-core (3.10.1)
      rspec-support (~> 3.10.0)
    rspec-expectations (3.10.1)
      diff-lcs (>= 1.2.0, < 2.0)
      rspec-support (~> 3.10.0)
    rspec-mocks (3.10.2)
      diff-lcs (>= 1.2.0, < 2.0)
      rspec-support (~> 3.10.0)
    rspec-support (3.10.2)
    rubocop (0.92.0)
      parallel (~> 1.10)
      parser (>= 2.7.1.5)
      rainbow (>= 2.2.2, < 4.0)
      regexp_parser (>= 1.7)
      rexml
      rubocop-ast (>= 0.5.0)
      ruby-progressbar (~> 1.7)
      unicode-display_width (>= 1.4.0, < 2.0)
    rubocop-ast (1.8.0)
      parser (>= 3.0.1.1)
    ruby-progressbar (1.11.0)
    ruby2_keywords (0.0.5)
    rubyzip (2.3.2)
    rushover (0.3.0)
      json
      rest-client
    selenium-webdriver (3.142.7)
      childprocess (>= 0.5, < 4.0)
      rubyzip (>= 1.2.2)
    simple_oauth (0.3.1)
    sinatra (2.2.0)
      mustermann (~> 1.0)
      rack (~> 2.2)
      rack-protection (= 2.2.0)
      tilt (~> 2.0)
    slack-notifier (2.4.0)
    sqlite3 (1.4.2)
    sync (0.5.0)
    term-ansicolor (1.7.1)
      tins (~> 1.0)
    test-unit (3.4.4)
      power_assert
    test-unit-context (0.5.1)
      test-unit (>= 2.4.0)
    test-unit-full (0.0.5)
      test-unit
      test-unit-context
      test-unit-notify
      test-unit-rr
      test-unit-runner-tap
    test-unit-notify (1.0.4)
      test-unit (>= 2.4.9)
    test-unit-rr (1.0.5)
      rr (>= 1.1.1)
      test-unit (>= 2.5.2)
    test-unit-runner-tap (1.1.2)
      test-unit
    thin (1.8.1)
      daemons (~> 1.0, >= 1.0.9)
      eventmachine (~> 1.0, >= 1.0.4)
      rack (>= 1, < 3)
    thread_safe (0.3.6)
    tilt (2.0.10)
    timers (4.3.3)
    tins (1.29.1)
      sync
    twitter (7.0.0)
      addressable (~> 2.3)
      buftok (~> 0.2.0)
      equalizer (~> 0.0.11)
      http (~> 4.0)
      http-form_data (~> 2.0)
      http_parser.rb (~> 0.6.0)
      memoizable (~> 0.4.0)
      multipart-post (~> 2.0)
      naught (~> 1.0)
      simple_oauth (~> 0.3.0)
    tzinfo (2.0.4)
      concurrent-ruby (~> 1.0)
    uglifier (4.2.0)
      execjs (>= 0.3.0, < 3)
    unf (0.1.4)
      unf_ext
    unf_ext (0.0.7.7)
    unicode-display_width (1.7.0)
    webrick (1.7.0)
    websocket (1.2.9)
    websocket-client-simple (0.3.0)
      event_emitter
      websocket
    xmlrpc (0.3.2)
      webrick
    xpath (3.2.0)
      nokogiri (~> 1.8)
    zeitwerk (2.4.2)

PLATFORMS
  ruby

DEPENDENCIES
  ansi
  async-dns
  browserstack-local (~> 1.3)
  capybara
  curb
  em-websocket
  erubis
  espeak-ruby (>= 1.0.4)
  eventmachine
  execjs
  geckodriver-helper
  irb
  json
  maxmind-db
  mime-types
  msfrpc-client
  nokogiri (>= 1.11.1)
  otr-activerecord (>= 1.4.2)
  parseconfig
  pry-byebug
  qr4r
  rack (>= 2.2.3)
  rack-protection (>= 2.0.0)
  rake (>= 12.3.3)
  rdoc
  rest-client (>= 2.0.1)
  rspec
  rubocop (~> 0.92.0)
  rubyzip (>= 1.2.2)
  rushover
  selenium-webdriver
  sinatra (>= 2.0.2)
  slack-notifier
  sqlite3
  term-ansicolor
  test-unit
  test-unit-full
  thin
  twitter (>= 5.0.0)
  uglifier (>= 2.7.2)
  websocket-client-simple (~> 0.3.0)
  xmlrpc

BUNDLED WITH
   2.1.4
